GEM
  remote: http://rubygems.org/
  specs:
    colored (1.2)
    nokogiri (1.5.2)
    simplehttp (0.1.3)

PLATFORMS
  ruby

DEPENDENCIES
  colored
  nokogiri
  simplehttp
